GEM
  remote: https://rubygems.org/
  specs:
    activemodel (4.2.4)
      activesupport (= 4.2.4)
      builder (~> 3.1)
    activerecord (4.2.4)
      activemodel (= 4.2.4)
      activesupport (= 4.2.4)
      arel (~> 6.0)
    activesupport (4.2.4)
      i18n (~> 0.7)
      json (~> 1.7, >= 1.7.7)
      minitest (~> 5.1)
      thread_safe (~> 0.3, >= 0.3.4)
      tzinfo (~> 1.1)
    arel (6.0.3)
    aws-sdk (2.0.6.pre)
      aws-sdk-resources (= 2.0.6.pre)
    aws-sdk-core (2.0.6)
      builder (~> 3.0)
      jmespath (~> 1.0)
      multi_json (~> 1.0)
      multi_xml (~> 0.5)
    aws-sdk-resources (2.0.6.pre)
      aws-sdk-core (= 2.0.6)
    backports (3.6.6)
    builder (3.2.2)
    capistrano (3.4.0)
      i18n
      rake (>= 10.0.0)
      sshkit (~> 1.3)
    capistrano-bundler (1.1.4)
      capistrano (~> 3.1)
      sshkit (~> 1.2)
    capistrano3-unicorn (0.2.1)
      capistrano (~> 3.1, >= 3.1.0)
    colorize (0.7.7)
    i18n (0.7.0)
    jmespath (1.0.1)
      multi_json (~> 1.0)
    json (1.8.1)
    kgio (2.9.2)
    minitest (5.8.1)
    multi_json (1.10.1)
    multi_xml (0.5.5)
    net-scp (1.2.1)
      net-ssh (>= 2.6.5)
    net-ssh (3.0.1)
    rack (1.6.4)
    rack-protection (1.5.3)
      rack
    rack-test (0.6.3)
      rack (>= 1.0)
    raindrops (0.13.0)
    rake (10.4.2)
    sinatra (1.4.6)
      rack (~> 1.4)
      rack-protection (~> 1.4)
      tilt (>= 1.3, < 3)
    sinatra-activerecord (2.0.9)
      activerecord (>= 3.2)
      sinatra (~> 1.0)
    sinatra-contrib (1.4.6)
      backports (>= 2.0)
      multi_json
      rack-protection
      rack-test
      sinatra (~> 1.4.0)
      tilt (>= 1.3, < 3)
    sqlite3 (1.3.10)
    sshkit (1.7.1)
      colorize (>= 0.7.0)
      net-scp (>= 1.1.2)
      net-ssh (>= 2.8.0)
    thread_safe (0.3.5)
    tilt (2.0.1)
    tzinfo (1.2.2)
      thread_safe (~> 0.1)
    unicorn (4.8.3)
      kgio (~> 2.6)
      rack
      raindrops (~> 0.7)

PLATFORMS
  ruby

DEPENDENCIES
  activerecord
  aws-sdk
  capistrano
  capistrano-bundler
  capistrano3-unicorn
  json
  sinatra
  sinatra-activerecord
  sinatra-contrib
  sqlite3
  unicorn

BUNDLED WITH
   1.10.5
